GEM
  remote: https://rubygems.org/
  specs:
    clipboard (2.0.0)
    date (3.3.4)
    json (2.7.2)
    optparse (0.5.0)

PLATFORMS
  x64-mingw-ucrt

DEPENDENCIES
  clipboard
  date
  json
  optparse

BUNDLED WITH
   2.4.10
